PATH
  remote: .
  specs:
    spectre (0.0.1)

GEM
  remote: https://rubygems.org/
  specs:

PLATFORMS
  arm64-darwin-23
  ruby

DEPENDENCIES
  spectre!

BUNDLED WITH
   2.5.11
